GEM
  remote: https://rubygems.org/
  specs:
    power_assert (2.0.2)
    rb_sys (0.9.46)
    test-unit (3.5.5)
      power_assert

PLATFORMS
  x86_64-linux

DEPENDENCIES
  rb_sys (~> 0.9.46)
  test-unit (~> 3.5)

BUNDLED WITH
   2.3.24
